GEM
  remote: https://rubygems.org/
  specs:
    api_cache (0.2.3)
    dalli (2.6.4)
    moneta (0.7.20)
    rack (1.5.2)
    rack-protection (1.5.1)
      rack
    sinatra (1.4.4)
      rack (~> 1.4)
      rack-protection (~> 1.4)
      tilt (~> 1.3, >= 1.3.4)
    tilt (1.4.1)

PLATFORMS
  ruby

DEPENDENCIES
  api_cache
  dalli
  moneta
  sinatra
